GEM
  remote: https://rubygems.org/
  specs:
    activemodel (3.2.12)
      activesupport (= 3.2.12)
      builder (~> 3.0.0)
    activesupport (3.2.12)
      i18n (~> 0.6)
      multi_json (~> 1.0)
    addressable (2.3.3)
    archive-tar-minitar (0.5.2)
    berkshelf (1.0.3)
      activesupport
      chef (>= 10.12.0)
      chozo (>= 0.2.3)
      hashie
      minitar
      multi_json (>= 1.3.0)
      ridley (>= 0.4.1)
      solve (>= 0.4.0.rc1)
      thor (~> 0.16.0)
      vagrant (~> 1.0.5)
      yajl-ruby
    builder (3.0.4)
    bunny (0.8.0)
    celluloid (0.13.0)
      timers (>= 1.0.0)
    chef (10.12.0)
      bunny (>= 0.6.0)
      erubis
      highline (>= 1.6.9)
      json (>= 1.4.4, <= 1.6.1)
      mixlib-authentication (>= 1.1.0)
      mixlib-cli (>= 1.1.0)
      mixlib-config (>= 1.1.2)
      mixlib-log (>= 1.3.0)
      mixlib-shellout
      moneta
      net-ssh (~> 2.2.2)
      net-ssh-multi (~> 1.1.0)
      ohai (>= 0.6.0)
      rest-client (>= 1.0.4, < 1.7.0)
      treetop (~> 1.4.9)
      uuidtools
      yajl-ruby (~> 1.1)
    childprocess (0.3.2)
      ffi (~> 1.0.6)
    chozo (0.6.1)
      activesupport (>= 3.2.0)
      hashie (>= 2.0.2)
      multi_json (>= 1.3.0)
    coderay (1.0.8)
    erubis (2.7.0)
    faraday (0.8.7)
      multipart-post (~> 1.1)
    ffi (1.0.11)
    foodcritic (1.6.1)
      erubis
      gherkin (~> 2.11.1)
      gist (~> 3.1.0)
      nokogiri (= 1.5.0)
      pry (~> 0.9.8.4)
      rak (~> 1.4)
      treetop (~> 1.4.10)
      yajl-ruby (~> 1.1.0)
    gherkin (2.11.5)
      json (>= 1.4.6)
    gist (3.1.0)
    hashie (2.0.3)
    hashr (0.0.22)
    highline (1.6.13)
    i18n (0.6.0)
    ipaddress (0.8.0)
    json (1.5.1)
    librarian (0.0.25)
      archive-tar-minitar (>= 0.5.2)
      chef (>= 0.10)
      highline
      thor (~> 0.15)
    log4r (1.1.10)
    method_source (0.7.1)
    mime-types (1.19)
    minitar (0.5.4)
    mixlib-authentication (1.3.0)
      mixlib-log
    mixlib-cli (1.2.2)
    mixlib-config (1.1.2)
    mixlib-log (1.4.1)
    mixlib-shellout (1.0.0)
    moneta (0.6.0)
    multi_json (1.7.2)
    multipart-post (1.2.0)
    net-http-persistent (2.8)
    net-scp (1.0.4)
      net-ssh (>= 1.99.1)
    net-ssh (2.2.2)
    net-ssh-gateway (1.1.0)
      net-ssh (>= 1.99.1)
    net-ssh-multi (1.1)
      net-ssh (>= 2.1.4)
      net-ssh-gateway (>= 0.99.0)
    nokogiri (1.5.0)
    ohai (6.14.0)
      ipaddress
      mixlib-cli
      mixlib-config
      mixlib-log
      systemu
      yajl-ruby
    polyglot (0.3.3)
    pry (0.9.8.4)
      coderay (~> 1.0.5)
      method_source (~> 0.7.1)
      slop (>= 2.4.4, < 3)
    rak (1.4)
    rest-client (1.6.7)
      mime-types (>= 1.16)
    ridley (0.6.3)
      activemodel (>= 3.2.0)
      activesupport (>= 3.2.0)
      addressable
      celluloid
      chozo (>= 0.2.2)
      erubis
      faraday
      json (>= 1.5.0)
      mixlib-authentication
      mixlib-log
      multi_json (>= 1.0.4)
      net-http-persistent (>= 2.8)
      net-ssh
    slop (2.4.4)
    solve (0.4.2)
      json
    systemu (2.5.2)
    test-kitchen (0.6.0)
      foodcritic (~> 1.4)
      hashr (~> 0.0.20)
      highline (>= 1.6.9)
      librarian (~> 0.0.20)
      mixlib-cli (~> 1.2.2)
      vagrant (~> 1.0.2)
      yajl-ruby (~> 1.1.0)
    thor (0.16.0)
    timers (1.1.0)
    treetop (1.4.10)
      polyglot
      polyglot (>= 0.3.1)
    uuidtools (2.1.2)
    vagrant (1.0.5)
      archive-tar-minitar (= 0.5.2)
      childprocess (~> 0.3.1)
      erubis (~> 2.7.0)
      i18n (~> 0.6.0)
      json (~> 1.5.1)
      log4r (~> 1.1.9)
      net-scp (~> 1.0.4)
      net-ssh (~> 2.2.2)
    yajl-ruby (1.1.0)

PLATFORMS
  ruby

DEPENDENCIES
  berkshelf
  test-kitchen
